{
  "TaskName": "MGT",
  "Manufacturer": "SIEMENS",
  "ManufacturersModelName": "Prisma",
  "MagneticFieldStrength": 3,
  "RepetitionTime": 1,
  "EchoTime": 0.03,
  "FlipAngle": 68,
  "MultibandAccelerationFactor": 4,
  "EffectiveEchoSpacing": 0.000275,
  "SliceTiming": [
    0,
    0.4375,
    0.875,
    0.3125,
    0.75,
    0.1875,
    0.625,
    0.0625,
    0.5,
    0.9375,
    0.375,
    0.8125,
    0.25,
    0.6875,
    0.125,
    0.5625,
    0,
    0.4375,
    0.875,
    0.3125,
    0.75,
    0.1875,
    0.625,
    0.0625,
    0.5,
    0.9375,
    0.375,
    0.8125,
    0.25,
    0.6875,
    0.125,
    0.5625,
    0,
    0.4375,
    0.875,
    0.3125,
    0.75,
    0.1875,
    0.625,
    0.0625,
    0.5,
    0.9375,
    0.375,
    0.8125,
    0.25,
    0.6875,
    0.125,
    0.5625,
    0,
    0.4375,
    0.875,
    0.3125,
    0.75,
    0.1875,
    0.625,
    0.0625,
    0.5,
    0.9375,
    0.375,
    0.8125,
    0.25,
    0.6875,
    0.125,
    0.5625
  ],
  "BandwidthPerPixelPhaseEncode": 34.305,
  "PhaseEncodingDirection": "j-",
  "TaskDescription": "Mixed gambles task",
  "CogAtlasID": "http://www.cognitiveatlas.org/id/trm_4cacee4a1d875/"
}